GIT
  remote: git://github.com/opal/opal-sprockets.git
  revision: acc7fff8dd42b46a8ae742136bd453d848cd509b
  specs:
    opal-sprockets (0.4.0.0.11.dev.3.1.beta1)
      opal (~> 0.11.dev)
      sprockets (~> 3.1)
      tilt (>= 1.4)

GIT
  remote: git://github.com/opal/opal.git
  revision: a7620e2fce4a9ab030d5e5e9dc4a03ac19d3432d
  specs:
    opal (0.11.0.dev)
      ast (>= 2.3.0)
      hike (~> 1.2)
      parser (= 2.3.3.1)
      sourcemap (~> 0.1.0)

GEM
  remote: https://rubygems.org/
  specs:
    ast (2.3.0)
    bowser (0.2.2)
      opal (>= 0.7.0, < 0.12.0)
    clearwater (1.0.0.rc4)
      bowser (~> 0.1)
      opal (~> 0.7)
    concurrent-ruby (1.0.2)
    execjs (2.7.0)
    hike (1.2.3)
    parser (2.3.3.1)
      ast (~> 2.2)
    rack (2.0.1)
    roda (2.22.0)
      rack
    roda-opal_assets (0.2.0)
      opal (~> 0.9, < 0.12.0)
      roda
      uglifier (~> 3.0)
    sourcemap (0.1.1)
    sprockets (3.7.0)
      concurrent-ruby (~> 1.0)
      rack (> 1, < 3)
    tilt (2.0.6)
    uglifier (3.0.4)
      execjs (>= 0.3.0, < 3)

PLATFORMS
  ruby

DEPENDENCIES
  clearwater (~> 1.0.0.rc2)
  opal!
  opal-sprockets!
  roda
  roda-opal_assets

BUNDLED WITH
   1.13.5
